PATH
  remote: .
  specs:
    rorient (0.1.0)
      activesupport
      faraday (~> 0.9.1)
      faraday_connection_pool
      resource_kit (~> 0.1.4)

GEM
  remote: https://rubygems.org/
  specs:
    activesupport (4.2.6)
      i18n (~> 0.7)
      json (~> 1.7, >= 1.7.7)
      minitest (~> 5.1)
      thread_safe (~> 0.3, >= 0.3.4)
      tzinfo (~> 1.1)
    addressable (2.3.8)
    connection_pool (2.2.0)
    faraday (0.9.2)
      multipart-post (>= 1.2, < 3)
    faraday_connection_pool (0.0.1)
      connection_pool (~> 2.1)
      faraday (>= 0.9.1)
    i18n (0.7.0)
    json (1.8.3)
    minitest (5.9.0)
    multipart-post (2.0.0)
    purdytest (2.0.0)
      minitest (~> 5.5)
    rack (1.6.4)
    rack-minitest (0.0.10)
      json
      minitest (~> 5.0)
      rack-test
    rack-test (0.6.3)
      rack (>= 1.0)
    rake (11.2.2)
    resource_kit (0.1.5)
      addressable (~> 2.3.6)
    thread_safe (0.3.5)
    tzinfo (1.2.2)
      thread_safe (~> 0.1)

PLATFORMS
  ruby

DEPENDENCIES
  bundler (~> 1.11.0)
  minitest
  purdytest
  rack-minitest
  rake
  rorient!

BUNDLED WITH
   1.11.2
