PATH
  remote: .
  specs:
    rorient (0.5.0)
      activesupport
      faraday (~> 0.9.1)
      resource_kit (~> 0.1.4)

GEM
  remote: https://rubygems.org/
  specs:
    activesupport (5.1.1)
      concurrent-ruby (~> 1.0, >= 1.0.2)
      i18n (~> 0.7)
      minitest (~> 5.1)
      tzinfo (~> 1.1)
    addressable (2.5.1)
      public_suffix (~> 2.0, >= 2.0.2)
    concurrent-ruby (1.0.5)
    faraday (0.9.2)
      multipart-post (>= 1.2, < 3)
    i18n (0.8.4)
    json (2.1.0)
    minitest (5.10.2)
    multipart-post (2.0.0)
    public_suffix (2.0.5)
    purdytest (2.0.0)
      minitest (~> 5.5)
    rack (2.0.3)
    rack-minitest (0.0.10)
      json
      minitest (~> 5.0)
      rack-test
    rack-test (0.6.3)
      rack (>= 1.0)
    rake (12.0.0)
    resource_kit (0.1.6)
      addressable (>= 2.3.6, < 3.0.0)
    thread_safe (0.3.6)
    tzinfo (1.2.3)
      thread_safe (~> 0.1)

PLATFORMS
  ruby

DEPENDENCIES
  bundler
  minitest
  purdytest
  rack-minitest
  rake
  rorient!

BUNDLED WITH
   1.15.1
